GEM
  remote: https://rubygems.org/
  specs:
    ffi (1.12.2-x64-mingw32)
    rb-fsevent (0.10.3)
    rb-inotify (0.10.1)
      ffi (~> 1.0)
    sass (3.7.4)
      sass-listen (~> 4.0.0)
    sass-listen (4.0.0)
      rb-fsevent (~> 0.9, >= 0.9.4)
      rb-inotify (~> 0.9, >= 0.9.7)
    scss_lint (0.59.0)
      sass (~> 3.5, >= 3.5.5)
    win32-api (1.8.0-universal-mingw32)
    win32console (1.3.2)
    windows-api (0.4.4)
      win32-api (>= 1.4.5)
    windows-pr (1.2.6)
      win32-api (>= 1.4.5)
      windows-api (>= 0.4.0)

PLATFORMS
  x64-mingw32

DEPENDENCIES
  sass (~> 3.7.4)
  scss_lint (~> 0.59.0)
  win32console
  windows-pr

BUNDLED WITH
   2.2.33
