GEM
  remote: https://rubygems.org/
  specs:
    rake (10.5.0)
    sass (3.4.22)
    scss_lint (0.47.1)
      rake (>= 0.9, < 11)
      sass (~> 3.4.15)
    win32-api (1.4.8)
    win32console (1.3.2)
    windows-api (0.4.4)
      win32-api (>= 1.4.5)
    windows-pr (1.2.5)
      win32-api (>= 1.4.5)
      windows-api (>= 0.4.0)

PLATFORMS
  ruby
  x64-mingw32

DEPENDENCIES
  sass (~> 3.4.19)
  scss_lint (~> 0.47.0)
  win32console
  windows-pr

BUNDLED WITH
   1.12.5
